GEM
  remote: https://rubygems.org/
  specs:
    multi_json (1.11.0)
    multi_xml (0.5.5)
    rack (1.6.0)
    rack-protection (1.5.3)
      rack
    redis (3.1.0)
    sequel (4.21.0)
    sinatra (1.4.5)
      rack (~> 1.4)
      rack-protection (~> 1.4)
      tilt (~> 1.3, >= 1.3.4)
    sqlite3 (1.3.10)
    steam-condenser (1.3.11)
      multi_json (~> 1.6)
      multi_xml (~> 0.5)
    tilt (1.4.1)

PLATFORMS
  ruby

DEPENDENCIES
  redis
  sequel
  sinatra
  sqlite3
  steam-condenser
